GEM
  remote: http://rubygems.org/
  specs:
    addressable (2.6.0)
      public_suffix (>= 2.0.2, < 4.0)
    aws-sdk (1.40.0)
      json (~> 1.4)
      nokogiri (>= 1.4.4)
    blankslate (2.1.2.4)
    capistrano (2.15.7)
      highline
      net-scp (>= 1.0.0)
      net-sftp (>= 2.0.0)
      net-ssh (>= 2.0.14)
      net-ssh-gateway (>= 1.1.0)
    celluloid (0.16.0)
      timers (~> 4.0.0)
    colorator (1.1.0)
    colored (1.2)
    commonjs (0.2.7)
    configure-s3-website (1.7.1)
      deep_merge (= 1.0.0)
    deep_merge (1.0.0)
    dotenv (1.0.2)
    faraday (0.9.2)
      multipart-post (>= 1.2, < 3)
    faraday_middleware (0.10.0)
      faraday (>= 0.7.4, < 0.10)
    ffi (1.11.1)
    forwardable-extended (2.6.0)
    haml (4.0.7)
      tilt
    highline (1.7.8)
    hitimes (1.3.1)
    htmlentities (4.3.4)
    indextank (1.0.13)
      faraday_middleware (>= 0.9.0)
      yajl-ruby (>= 0.7.7)
    japr (0.4.1)
      jekyll (~> 3.5)
      liquid (~> 4.0)
    jekyll (3.6.3)
      addressable (~> 2.4)
      colorator (~> 1.0)
      jekyll-sass-converter (~> 1.0)
      jekyll-watch (~> 1.1)
      kramdown (~> 1.14)
      liquid (~> 4.0)
      mercenary (~> 0.3.3)
      pathutil (~> 0.9)
      rouge (>= 1.7, < 3)
      safe_yaml (~> 1.0)
    jekyll-sass-converter (1.5.2)
      sass (~> 3.4)
    jekyll-watch (1.2.1)
      listen (~> 2.7)
    jmespath (1.1.3)
    json (1.8.3)
    kramdown (1.17.0)
    less (2.6.0)
      commonjs (~> 0.2.7)
    libv8 (3.16.14.13)
    liquid (4.0.3)
    listen (2.10.1)
      celluloid (~> 0.16.0)
      rb-fsevent (>= 0.9.3)
      rb-inotify (>= 0.9)
    mercenary (0.3.6)
    mime-types (3.0)
      mime-types-data (~> 3.2015)
    mime-types-data (3.2015.1120)
    mini_portile (0.6.2)
    multipart-post (2.0.0)
    net-scp (1.2.1)
      net-ssh (>= 2.6.5)
    net-sftp (2.1.2)
      net-ssh (>= 2.6.5)
    net-ssh (3.0.1)
    net-ssh-gateway (1.2.0)
      net-ssh (>= 2.6.5)
    nio4r (1.1.1)
    nokogiri (1.6.6.2)
      mini_portile (~> 0.6.0)
    nokogiri-pretty (0.1.0)
      nokogiri
    pathutil (0.16.2)
      forwardable-extended (~> 2.6)
    public_suffix (3.1.1)
    rack (1.6.4)
    rake (10.4.2)
    rb-fsevent (0.10.3)
    rb-inotify (0.10.0)
      ffi (~> 1.0)
    rdiscount (2.1.8)
    ref (2.0.0)
    rouge (2.2.1)
    rubypants (0.2.0)
    s3-static-site (0.3.0)
      aws-sdk
      capistrano
      haml
      mime-types
    s3_website (2.12.3)
      colored (= 1.2)
      configure-s3-website (= 1.7.1)
      dotenv (~> 1.0)
      thor (~> 0.18)
    safe_yaml (1.0.5)
    sass (3.7.4)
      sass-listen (~> 4.0.0)
    sass-listen (4.0.0)
      rb-fsevent (~> 0.9, >= 0.9.4)
      rb-inotify (~> 0.9, >= 0.9.7)
    simple-cloudfront-invalidator (1.0.1)
      colored (= 1.2)
    therubyracer (0.12.2)
      libv8 (~> 3.16.14.0)
      ref
    thor (0.19.1)
    tilt (2.0.1)
    timers (4.0.4)
      hitimes
    yajl-ruby (1.4.1)
    yui-compressor (0.12.0)

PLATFORMS
  ruby

DEPENDENCIES
  aws-sdk (= 1.40.0)
  blankslate (= 2.1.2.4)
  capistrano (~> 2.15)
  haml
  htmlentities
  indextank
  japr (>= 0.4.0)
  jekyll (= 3.6.3)
  jekyll-watch (= 1.2.1)
  jmespath (= 1.1.3)
  less
  nio4r (= 1.1.1)
  nokogiri (= 1.6.6.2)
  nokogiri-pretty
  rack
  rake (>= 10.4.2)
  rdiscount
  rubypants
  s3-static-site
  s3_website
  simple-cloudfront-invalidator
  therubyracer (= 0.12.2)
  yui-compressor

BUNDLED WITH
   1.17.3
